GEM
  remote: http://rubygems.org/
  specs:
    diff-lcs (1.1.2)
    eventmachine (0.12.10)
    git (1.2.5)
    jeweler (1.6.2)
      bundler (~> 1.0)
      git (>= 1.2.5)
      rake
    json (1.5.1)
    mechanize (1.0.0)
      nokogiri (>= 1.2.1)
    nokogiri (1.4.4)
    rake (0.9.2)
    rcov (0.9.9)
    rspec (2.3.0)
      rspec-core (~> 2.3.0)
      rspec-expectations (~> 2.3.0)
      rspec-mocks (~> 2.3.0)
    rspec-core (2.3.1)
    rspec-expectations (2.3.0)
      diff-lcs (~> 1.1.2)
    rspec-mocks (2.3.0)
    rubybits (0.2.0)
    thor (0.14.6)
    uuidtools (2.1.2)
    yard (0.6.8)

PLATFORMS
  ruby

DEPENDENCIES
  bundler (~> 1.0.0)
  eventmachine (>= 0.12.10)
  jeweler (~> 1.6.0)
  json (>= 1.4.6)
  mechanize (>= 1.0.0)
  nokogiri (>= 1.4.4)
  rcov
  rspec (~> 2.3.0)
  rubybits (>= 0.2.0)
  thor (>= 0.14.6)
  uuidtools (>= 2.1.1)
  yard (~> 0.6.0)
